GEM
  remote: http://rubygems.org/
  specs:
    activesupport (3.0.3)
    addressable (2.2.2)
    crack (0.1.8)
    i18n (0.5.0)
    nokogiri (1.4.4)
    nokogiri-happymapper (0.3.6)
      nokogiri (~> 1.4.2)
    rspec (1.3.0)
    webmock (1.6.1)
      addressable (>= 2.2.2)
      crack (>= 0.1.7)

PLATFORMS
  ruby

DEPENDENCIES
  activesupport
  i18n
  nokogiri
  nokogiri-happymapper
  rspec (~> 1.3)
  webmock
